GIT
  remote: git://github.com/bearded/perftools.rb.git
  revision: df73f93e4dda8953e77ba3be2945f4bf806b07cf
  branch: perftools-1.8
  specs:
    perftools.rb (0.5.6)

GIT
  remote: git://github.com/chrismdp/texplay.git
  revision: 199f6bef724d20ee731e2f564bb005cc051f8f5a
  specs:
    texplay (0.4)
      gosu (>= 0.7.25)

GEM
  remote: http://rubygems.org/
  specs:
    builder (3.0.0)
    chingu (0.8.1)
      crack
      gosu (>= 0.7.25)
      rest-client
    chipmunk (5.3.4.5)
    crack (0.3.1)
    cucumber (1.1.2)
      builder (>= 2.1.2)
      diff-lcs (>= 1.1.2)
      gherkin (~> 2.6.2)
      json (>= 1.4.6)
      term-ansicolor (>= 1.0.6)
    diff-lcs (1.1.3)
    gherkin (2.6.4)
      json (>= 1.4.6)
    gosu (0.7.38)
    json (1.6.1)
    mime-types (1.17.2)
    rake (0.9.2.2)
    rest-client (1.6.7)
      mime-types (>= 1.16)
    rspec (2.7.0)
      rspec-core (~> 2.7.0)
      rspec-expectations (~> 2.7.0)
      rspec-mocks (~> 2.7.0)
    rspec-core (2.7.1)
    rspec-expectations (2.7.0)
      diff-lcs (~> 1.1.2)
    rspec-given (1.4.0)
      rspec (> 1.2.8)
    rspec-mocks (2.7.0)
    term-ansicolor (1.0.7)

PLATFORMS
  ruby

DEPENDENCIES
  chingu
  chipmunk
  cucumber
  perftools.rb!
  rake
  rspec
  rspec-given
  texplay!
