GEM
  remote: http://rubygems.org/
  specs:
    chingu (0.8.1)
      crack
      gosu (>= 0.7.25)
      rest-client
    chipmunk (5.3.4.5)
    crack (0.3.1)
    diff-lcs (1.1.3)
    gosu (0.7.38)
    mime-types (1.17.2)
    rest-client (1.6.7)
      mime-types (>= 1.16)
    rspec (2.7.0)
      rspec-core (~> 2.7.0)
      rspec-expectations (~> 2.7.0)
      rspec-mocks (~> 2.7.0)
    rspec-core (2.7.1)
    rspec-expectations (2.7.0)
      diff-lcs (~> 1.1.2)
    rspec-given (1.4.0)
      rspec (> 1.2.8)
    rspec-mocks (2.7.0)
    texplay (0.3.5)
      gosu (>= 0.7.25)

PLATFORMS
  ruby

DEPENDENCIES
  chingu
  chipmunk
  rspec
  rspec-given
  texplay
